PATH
  remote: vendor/engines/osb_api
  specs:
    osb_api (0.0.1)
      doorkeeper (~> 1.4.0)
      grape (~> 0.9.0)
      grape-doorkeeper (~> 0.0.2)
      grape-rabl (~> 0.3.0)
      rack-cors
      rails (~> 4.2.7.1)

GEM
  remote: https://rubygems.org/
  specs:
    actionmailer (4.2.7.1)
      actionpack (= 4.2.7.1)
      actionview (= 4.2.7.1)
      activejob (= 4.2.7.1)
      mail (~> 2.5, >= 2.5.4)
      rails-dom-testing (~> 1.0, >= 1.0.5)
    actionpack (4.2.7.1)
      actionview (= 4.2.7.1)
      activesupport (= 4.2.7.1)
      rack (~> 1.6)
      rack-test (~> 0.6.2)
      rails-dom-testing (~> 1.0, >= 1.0.5)
      rails-html-sanitizer (~> 1.0, >= 1.0.2)
    actionview (4.2.7.1)
      activesupport (= 4.2.7.1)
      builder (~> 3.1)
      erubis (~> 2.7.0)
      rails-dom-testing (~> 1.0, >= 1.0.5)
      rails-html-sanitizer (~> 1.0, >= 1.0.2)
    active_link_to (1.0.3)
      actionpack
    activejob (4.2.7.1)
      activesupport (= 4.2.7.1)
      globalid (>= 0.3.0)
    activemerchant (1.59.0)
      activesupport (>= 3.2.14, < 5.1)
      builder (>= 2.1.2, < 4.0.0)
      i18n (>= 0.6.9)
      nokogiri (~> 1.4)
    activemodel (4.2.7.1)
      activesupport (= 4.2.7.1)
      builder (~> 3.1)
    activerecord (4.2.7.1)
      activemodel (= 4.2.7.1)
      activesupport (= 4.2.7.1)
      arel (~> 6.0)
    activerecord-mysql-adapter (0.0.1)
      activerecord (>= 3.2.9)
      activesupport (>= 3.2.9)
      mysql (>= 2.9.0)
    activerecord-session_store (1.0.0)
      actionpack (>= 4.0, < 5.1)
      activerecord (>= 4.0, < 5.1)
      multi_json (~> 1.11, >= 1.11.2)
      rack (>= 1.5.2, < 3)
      railties (>= 4.0, < 5.1)
    activesupport (4.2.7.1)
      i18n (~> 0.7)
      json (~> 1.7, >= 1.7.7)
      minitest (~> 5.1)
      thread_safe (~> 0.3, >= 0.3.4)
      tzinfo (~> 1.1)
    acts_as_archival (1.1.1)
      activerecord
    addressable (2.5.2)
      public_suffix (>= 2.0.2, < 4.0)
    airbrussh (1.3.1)
      sshkit (>= 1.6.1, != 1.7.0)
    arel (6.0.4)
    awesome_print (1.7.0)
    axiom-types (0.1.1)
      descendants_tracker (~> 0.0.4)
      ice_nine (~> 0.11.0)
      thread_safe (~> 0.3, >= 0.3.1)
    bcrypt (3.1.12)
    better_errors (2.1.1)
      coderay (>= 1.0.0)
      erubis (>= 2.6.6)
      rack (>= 0.9.0)
    binding_of_caller (0.8.0)
      debug_inspector (>= 0.0.1)
    browser (2.1.0)
    browser-timezone-rails (1.0.1)
      js_cookie_rails
      jstz-rails3-plus
      rails (>= 3.1)
    builder (3.2.3)
    cancancan (1.15.0)
    capistrano (3.10.2)
      airbrussh (>= 1.0.0)
      i18n
      rake (>= 10.0.0)
      sshkit (>= 1.9.0)
    capistrano-bundler (1.5.0)
      capistrano (~> 3.1)
    capistrano-rails (1.1.3)
      capistrano (~> 3.1)
      capistrano-bundler (~> 1.1)
    capistrano-rvm (0.1.2)
      capistrano (~> 3.0)
      sshkit (~> 1.2)
    carrierwave (0.11.2)
      activemodel (>= 3.2.0)
      activesupport (>= 3.2.0)
      json (>= 1.7)
      mime-types (>= 1.16)
      mimemagic (>= 0.3.0)
    charlock_holmes (0.7.6)
    chronic (0.10.2)
    cocoon (1.2.12)
    coderay (1.1.2)
    coercible (1.0.0)
      descendants_tracker (~> 0.0.1)
    coffee-rails (4.1.1)
      coffee-script (>= 2.2.0)
      railties (>= 4.0.0, < 5.1.x)
    coffee-script (2.4.1)
      coffee-script-source
      execjs
    coffee-script-source (1.12.2)
    concurrent-ruby (1.1.4)
    copyright-header (1.0.15)
      github-linguist (~> 2.6)
    crass (1.0.4)
    daemons (1.2.3)
    debug_inspector (0.0.3)
    delayed_job (4.1.5)
      activesupport (>= 3.0, < 5.3)
    delayed_job_active_record (4.1.1)
      activerecord (>= 3.0, < 5.1)
      delayed_job (>= 3.0, < 5)
    descendants_tracker (0.0.4)
      thread_safe (~> 0.3, >= 0.3.1)
    devise (3.4.1)
      bcrypt (~> 3.0)
      orm_adapter (~> 0.1)
      railties (>= 3.2.6, < 5)
      responders
      thread_safe (~> 0.1)
      warden (~> 1.2.3)
    devise-encryptable (0.2.0)
      devise (>= 2.1.0)
    diff-lcs (1.3)
    domain_name (0.5.20180417)
      unf (>= 0.0.5, < 1.0.0)
    doorkeeper (1.4.2)
      railties (>= 3.1)
    elasticsearch (6.1.0)
      elasticsearch-api (= 6.1.0)
      elasticsearch-transport (= 6.1.0)
    elasticsearch-api (6.1.0)
      multi_json
    elasticsearch-model (5.0.0)
      activesupport (> 3)
      elasticsearch (> 1)
      hashie
    elasticsearch-rails (5.0.0)
    elasticsearch-transport (6.1.0)
      faraday
      multi_json
    equalizer (0.0.11)
    erubis (2.7.0)
    escape_utils (1.0.1)
    exception_notification (4.2.2)
      actionmailer (>= 4.0, < 6)
      activesupport (>= 4.0, < 6)
    exception_notification-rake (0.3.0)
      exception_notification (~> 4.2.0)
      rake (>= 0.9.0)
    execjs (2.7.0)
    factory_girl (4.5.0)
      activesupport (>= 3.0.0)
    factory_girl_rails (4.5.0)
      factory_girl (~> 4.5.0)
      railties (>= 3.0.0)
    faker (1.4.3)
      i18n (~> 0.5)
    faraday (0.12.2)
      multipart-post (>= 1.2, < 3)
    faraday-detailed_logger (2.1.2)
      faraday (~> 0.8)
    faraday_middleware (0.12.2)
      faraday (>= 0.7.4, < 1.0)
    fast_xs (0.8.0)
    ffi (1.9.25)
    figaro (1.1.1)
      thor (~> 0.14)
    fullcalendar-rails (2.0.2.0)
    github-linguist (2.12.1)
      charlock_holmes (~> 0.7.3)
      escape_utils (~> 1.0.1)
      mime-types (~> 1.19)
      pygments.rb (> 0.6.0)
    globalid (0.4.1)
      activesupport (>= 4.2.0)
    gon (6.0.1)
      actionpack (>= 3.0)
      json
      multi_json
      request_store (>= 1.0)
    grape (0.9.0)
      activesupport
      builder
      hashie (>= 2.1.0)
      multi_json (>= 1.3.2)
      multi_xml (>= 0.5.2)
      rack (>= 1.3.0)
      rack-accept
      rack-mount
      virtus (>= 1.0.0)
    grape-doorkeeper (0.0.2)
      doorkeeper (~> 1.4.0)
      grape (~> 0.9)
    grape-rabl (0.3.1)
      grape
      i18n
      rabl
      tilt
    hashie (3.6.0)
    hashie_rails (0.0.4)
      hashie (>= 3.0)
    http-cookie (1.0.3)
      domain_name (~> 0.5)
    httparty (0.16.2)
      multi_xml (>= 0.5.2)
    i18n (0.7.0)
    i18n-js (3.1.0)
      i18n (>= 0.6.6, < 2)
    ice_nine (0.11.2)
    jbuilder (2.8.0)
      activesupport (>= 4.2.0)
      multi_json (>= 1.2)
    jquery-rails (3.1.5)
      railties (>= 3.0, < 5.0)
      thor (>= 0.14, < 2.0)
    js_cookie_rails (2.2.0)
      railties (>= 3.1)
    json (1.8.6)
    jstz-rails3-plus (1.0.5)
      railties (>= 3.1)
    jwt (1.5.6)
    kaminari (0.17.0)
      actionpack (>= 3.0.0)
      activesupport (>= 3.0.0)
    launchy (2.4.3)
      addressable (~> 2.3)
    letter_opener (1.4.1)
      launchy (~> 2.2)
    libv8 (3.16.14.19)
    loofah (2.2.3)
      crass (~> 1.0.2)
      nokogiri (>= 1.5.9)
    mail (2.7.1)
      mini_mime (>= 0.1.1)
    method_source (0.8.2)
    mime-types (1.25.1)
    mimemagic (0.3.3)
    mini_mime (1.0.1)
    mini_portile2 (2.3.0)
    minitest (5.11.3)
    momentjs-rails (2.11.1)
      railties (>= 3.1)
    money (6.5.1)
      i18n (>= 0.6.4, <= 0.7.0)
    multi_json (1.13.1)
    multi_xml (0.6.0)
    multipart-post (2.0.0)
    murmurhash3 (0.1.6)
    mysql (2.9.1)
    mysql2 (0.3.20)
    nested_form (0.3.2)
    net-scp (1.2.1)
      net-ssh (>= 2.6.5)
    net-ssh (5.1.0)
    netrc (0.11.0)
    nokogiri (1.8.2)
      mini_portile2 (~> 2.3.0)
    nouislider-rails (8.2.1)
      railties (>= 3.1)
    oauth (0.4.7)
    oauth2 (1.4.0)
      faraday (>= 0.8, < 0.13)
      jwt (~> 1.0)
      multi_json (~> 1.3)
      multi_xml (~> 0.5)
      rack (>= 1.2, < 3)
    orm_adapter (0.5.0)
    paper_trail (5.1.1)
      activerecord (>= 3.0, < 6.0)
      activesupport (>= 3.0, < 6.0)
      request_store (~> 1.1)
    paranoia (2.1.5)
      activerecord (~> 4.0)
    paypal-sdk-rest (1.4.6)
      multi_json (~> 1.0)
      uuidtools (~> 2.1)
      xml-simple
    pry (0.10.3)
      coderay (~> 1.1.0)
      method_source (~> 0.8.1)
      slop (~> 3.4)
    pry-nav (0.2.4)
      pry (>= 0.9.10, < 0.11.0)
    public_suffix (3.0.3)
    puma (3.11.0)
    pygments.rb (1.2.1)
      multi_json (>= 1.0.0)
    qbo_api (1.8.1)
      faraday
      faraday-detailed_logger
      faraday_middleware
      nokogiri
    quickbooks-ruby (0.6.1)
      activemodel
      multipart-post
      nokogiri
      oauth (= 0.4.7)
      roxml (>= 3.3.1, < 4.1)
    quiet_assets (1.1.0)
      railties (>= 3.1, < 5.0)
    rabl (0.14.0)
      activesupport (>= 2.3.14)
    rack (1.6.11)
    rack-accept (0.4.5)
      rack (>= 0.4)
    rack-cors (1.0.2)
    rack-mount (0.8.3)
      rack (>= 1.0.0)
    rack-test (0.6.3)
      rack (>= 1.0)
    rails (4.2.7.1)
      actionmailer (= 4.2.7.1)
      actionpack (= 4.2.7.1)
      actionview (= 4.2.7.1)
      activejob (= 4.2.7.1)
      activemodel (= 4.2.7.1)
      activerecord (= 4.2.7.1)
      activesupport (= 4.2.7.1)
      bundler (>= 1.3.0, < 2.0)
      railties (= 4.2.7.1)
      sprockets-rails
    rails-deprecated_sanitizer (1.0.3)
      activesupport (>= 4.2.0.alpha)
    rails-dom-testing (1.0.9)
      activesupport (>= 4.2.0, < 5.0)
      nokogiri (~> 1.6)
      rails-deprecated_sanitizer (>= 1.0.1)
    rails-html-sanitizer (1.0.4)
      loofah (~> 2.2, >= 2.2.2)
    rails-settings-cached (0.6.6)
      rails (>= 4.2.0)
    railties (4.2.7.1)
      actionpack (= 4.2.7.1)
      activesupport (= 4.2.7.1)
      rake (>= 0.8.7)
      thor (>= 0.18.1, < 2.0)
    rake (10.5.0)
    rb-fsevent (0.10.3)
    rb-inotify (0.10.0)
      ffi (~> 1.0)
    ref (2.0.0)
    request_store (1.4.1)
      rack (>= 1.4)
    responders (2.4.0)
      actionpack (>= 4.2.0, < 5.3)
      railties (>= 4.2.0, < 5.3)
    rest-client (1.8.0)
      http-cookie (>= 1.0.2, < 2.0)
      mime-types (>= 1.16, < 3.0)
      netrc (~> 0.7)
    rmagick (2.15.4)
    rolify (5.1.0)
    roxml (4.0.0)
      activesupport (>= 4.0)
      nokogiri (>= 1.3.3)
    rspec-core (3.1.7)
      rspec-support (~> 3.1.0)
    rspec-expectations (3.1.2)
      diff-lcs (>= 1.2.0, < 2.0)
      rspec-support (~> 3.1.0)
    rspec-its (1.2.0)
      rspec-core (>= 3.0.0)
      rspec-expectations (>= 3.0.0)
    rspec-mocks (3.1.3)
      rspec-support (~> 3.1.0)
    rspec-rails (3.1.0)
      actionpack (>= 3.0)
      activesupport (>= 3.0)
      railties (>= 3.0)
      rspec-core (~> 3.1.0)
      rspec-expectations (~> 3.1.0)
      rspec-mocks (~> 3.1.0)
      rspec-support (~> 3.1.0)
    rspec-support (3.1.2)
    ruby-freshbooks (0.4.1)
      builder (>= 2.1.2)
      httparty (>= 0.5.0)
    sass (3.7.2)
      sass-listen (~> 4.0.0)
    sass-listen (4.0.0)
      rb-fsevent (~> 0.9, >= 0.9.4)
      rb-inotify (~> 0.9, >= 0.9.7)
    sass-rails (5.0.4)
      railties (>= 4.0.0, < 5.0)
      sass (~> 3.1)
      sprockets (>= 2.8, < 4.0)
      sprockets-rails (>= 2.0, < 4.0)
      tilt (>= 1.1, < 3)
    shoulda (3.5.0)
      shoulda-context (~> 1.0, >= 1.0.1)
      shoulda-matchers (>= 1.4.1, < 3.0)
    shoulda-context (1.2.2)
    shoulda-matchers (2.8.0)
      activesupport (>= 3.0.0)
    simple_form (3.5.1)
      actionpack (> 4, < 5.2)
      activemodel (> 4, < 5.2)
    simple_token_authentication (1.15.1)
      actionmailer (>= 3.2.6, < 6)
      actionpack (>= 3.2.6, < 6)
      devise (>= 3.2, < 6)
    slim (3.0.7)
      temple (~> 0.7.6)
      tilt (>= 1.3.3, < 2.1)
    slim-rails (3.1.0)
      actionpack (>= 3.1)
      railties (>= 3.1)
      slim (~> 3.0)
    slop (3.6.0)
    sprockets (3.7.2)
      concurrent-ruby (~> 1.0)
      rack (> 1, < 3)
    sprockets-rails (3.2.1)
      actionpack (>= 4.0)
      activesupport (>= 4.0)
      sprockets (>= 3.0.0)
    sshkit (1.18.0)
      net-scp (>= 1.1.2)
      net-ssh (>= 2.8.0)
    stripe (1.56.0)
      rest-client (>= 1.4, < 4.0)
    temple (0.7.7)
    therubyracer (0.12.2)
      libv8 (~> 3.16.14.0)
      ref
    thor (0.20.3)
    thread_safe (0.3.6)
    tilt (2.0.9)
    tinymce-rails (4.3.13)
      railties (>= 3.1.1)
    twitter-bootstrap-rails (2.1.9)
      actionpack (>= 3.1)
      execjs
      railties (>= 3.1)
    tzinfo (1.2.5)
      thread_safe (~> 0.1)
    uglifier (3.0.0)
      execjs (>= 0.3.0, < 3)
    unf (0.1.4)
      unf_ext
    unf_ext (0.0.7.5)
    unix_utils (0.0.15)
    uuidtools (2.1.5)
    virtus (1.0.5)
      axiom-types (~> 0.1)
      coercible (~> 1.0)
      descendants_tracker (~> 0.0, >= 0.0.3)
      equalizer (~> 0.0, >= 0.0.9)
    warden (1.2.7)
      rack (>= 1.0)
    whenever (0.9.7)
      chronic (>= 0.6.3)
    wicked_pdf (0.11.0)
      rails
    wkhtmltopdf-binary (0.9.9.3)
    xlsx_writer (0.4.4)
      activesupport
      fast_xs
      murmurhash3 (>= 0.1.4)
      unix_utils
    xml-simple (1.1.5)
    yajl-ruby (1.3.1)

PLATFORMS
  ruby

DEPENDENCIES
  active_link_to (= 1.0.3)
  activemerchant (= 1.59.0)
  activerecord-mysql-adapter (= 0.0.1)
  activerecord-session_store (= 1.0.0)
  acts_as_archival (= 1.1.1)
  awesome_print (= 1.7.0)
  better_errors (= 2.1.1)
  binding_of_caller (>= 0.6.9)
  browser (= 2.1.0)
  browser-timezone-rails (= 1.0.1)
  cancancan (= 1.15.0)
  capistrano (= 3.10.2)
  capistrano-rails (= 1.1.3)
  capistrano-rvm (= 0.1.2)
  carrierwave (= 0.11.2)
  cocoon (~> 1.2, >= 1.2.11)
  coffee-rails (= 4.1.1)
  copyright-header (= 1.0.15)
  daemons (= 1.2.3)
  delayed_job_active_record (= 4.1.1)
  devise (= 3.4.1)
  devise-encryptable (= 0.2.0)
  elasticsearch-model (= 5.0.0)
  elasticsearch-rails (= 5.0.0)
  exception_notification-rake (= 0.3.0)
  factory_girl (~> 4.5.0)
  factory_girl_rails (~> 4.5.0)
  faker (~> 1.4.3)
  figaro (= 1.1.1)
  fullcalendar-rails (= 2.0.2.0)
  gon (= 6.0.1)
  hashie_rails (= 0.0.4)
  i18n-js (~> 3.0, >= 3.0.5)
  jbuilder (~> 2.0)
  jquery-rails (~> 3.1.3)
  kaminari (= 0.17.0)
  letter_opener (= 1.4.1)
  momentjs-rails (= 2.11.1)
  money (~> 6.5.0)
  mysql2 (= 0.3.20)
  nested_form (= 0.3.2)
  nokogiri (= 1.8.2)
  nouislider-rails (~> 8.2, >= 8.2.1)
  oauth (= 0.4.7)
  oauth2 (= 1.4.0)
  osb_api!
  paper_trail (= 5.1.1)
  paranoia (= 2.1.5)
  paypal-sdk-rest (= 1.4.6)
  pry (= 0.10.3)
  pry-nav (= 0.2.4)
  puma (= 3.11.0)
  qbo_api (= 1.8.1)
  quickbooks-ruby (= 0.6.1)
  quiet_assets (= 1.1.0)
  rails (~> 4.2.7.1)
  rails-settings-cached (= 0.6.6)
  railties (= 4.2.7.1)
  rake (< 11.0)
  responders (~> 2.0)
  rest-client (= 1.8.0)
  rmagick (= 2.15.4)
  rolify (= 5.1.0)
  roxml (= 4.0.0)
  rspec-its (= 1.2.0)
  rspec-rails (~> 3.1.0)
  ruby-freshbooks (= 0.4.1)
  sass-rails (= 5.0.4)
  shoulda (~> 3.5.0)
  shoulda-matchers (= 2.8.0)
  simple_form (= 3.5.1)
  simple_token_authentication (~> 1.0)
  slim (= 3.0.7)
  slim-rails (= 3.1.0)
  sprockets (= 3.7.2)
  sprockets-rails (= 3.2.1)
  stripe (= 1.56.0)
  therubyracer (= 0.12.2)
  tinymce-rails (= 4.3.13)
  twitter-bootstrap-rails (~> 2.1.9)
  uglifier (= 3.0.0)
  whenever (= 0.9.7)
  wicked_pdf (~> 0.11.0)
  wkhtmltopdf-binary (~> 0.9.9.3)
  xlsx_writer (= 0.4.4)
  yajl-ruby (~> 1.3.1)

RUBY VERSION
   ruby 2.3.7p456

BUNDLED WITH
   1.17.3
